GEM
  remote: https://rubygems.org/
  specs:
    chingu (0.8.1)
      crack
      gosu (>= 0.7.25)
      rest-client
    crack (0.4.3)
      safe_yaml (~> 1.0.0)
    cri (2.1.0)
    domain_name (0.5.20160216)
      unf (>= 0.0.5, < 1.0.0)
    faster_xml_simple (0.5.0)
      libxml-ruby (>= 0.3.8.4)
    gosu (0.10.6)
    http-cookie (1.0.2)
      domain_name (~> 0.5)
    httpclient (2.7.1)
    json (1.8.3)
    libxml-ruby (2.8.0)
    mime-types (2.99.1)
    mini_portile2 (2.0.0)
    net-github-upload (0.0.8)
      faster_xml_simple
      httpclient
      json
      nokogiri (>= 1.4.0)
    netrc (0.11.0)
    nokogiri (1.6.7.2)
      mini_portile2 (~> 2.0.0.rc2)
    ocra (1.3.6)
    rake (0.9.2.2)
    releasy (0.2.2)
      cri (~> 2.1.0)
      net-github-upload (~> 0.0.8)
      ocra (~> 1.3.0)
      rake (~> 0.9.2.2)
      thor (~> 0.14.6)
    rest-client (1.8.0)
      http-cookie (>= 1.0.2, < 2.0)
      mime-types (>= 1.16, < 3.0)
      netrc (~> 0.7)
    safe_yaml (1.0.4)
    thor (0.14.6)
    unf (0.1.4)
      unf_ext
    unf_ext (0.0.7.2)

PLATFORMS
  ruby

DEPENDENCIES
  chingu
  gosu
  releasy

BUNDLED WITH
   1.11.2
